PATH
  remote: .
  specs:
    factory_bot-sorbet (0.1.0)
      booleans (~> 0.1.3)
      factory_bot (>= 6.0)
      sorbet-runtime (>= 0.5)

GEM
  remote: https://rubygems.org/
  specs:
    activesupport (8.0.2.1)
      base64
      benchmark (>= 0.3)
      bigdecimal
      concurrent-ruby (~> 1.0, >= 1.3.1)
      connection_pool (>= 2.2.5)
      drb
      i18n (>= 1.6, < 2)
      logger (>= 1.4.2)
      minitest (>= 5.1)
      securerandom (>= 0.3)
      tzinfo (~> 2.0, >= 2.0.5)
      uri (>= 0.13.1)
    ast (2.4.3)
    base64 (0.3.0)
    benchmark (0.4.1)
    bigdecimal (3.2.2)
    booleans (0.1.3)
      sorbet-runtime (>= 0.5)
    byebug (12.0.0)
    concurrent-ruby (1.3.5)
    connection_pool (2.5.3)
    date (3.4.1)
    drb (2.2.3)
    erb (5.0.2)
    erubi (1.13.1)
    factory_bot (6.5.5)
      activesupport (>= 6.1.0)
    i18n (1.14.7)
      concurrent-ruby (~> 1.0)
    io-console (0.8.1)
    irb (1.15.2)
      pp (>= 0.6.0)
      rdoc (>= 4.0.0)
      reline (>= 0.4.2)
    json (2.13.2)
    language_server-protocol (3.17.0.5)
    lint_roller (1.1.0)
    logger (1.7.0)
    minitest (5.25.5)
    netrc (0.11.0)
    parallel (1.27.0)
    parser (3.3.9.0)
      ast (~> 2.4.1)
      racc
    pp (0.6.2)
      prettyprint
    prettyprint (0.2.0)
    prism (1.4.0)
    psych (5.2.6)
      date
      stringio
    racc (1.8.1)
    rainbow (3.1.1)
    rake (13.3.0)
    rbi (0.3.6)
      prism (~> 1.0)
      rbs (>= 3.4.4)
    rbs (4.0.0.dev.4)
      logger
      prism (>= 1.3.0)
    rdoc (6.14.2)
      erb
      psych (>= 4.0.0)
    regexp_parser (2.10.0)
    reline (0.6.2)
      io-console (~> 0.5)
    require-hooks (0.2.2)
    rexml (3.4.1)
    rubocop (1.80.0)
      json (~> 2.3)
      language_server-protocol (~> 3.17.0.2)
      lint_roller (~> 1.1.0)
      parallel (~> 1.10)
      parser (>= 3.3.0.2)
      rainbow (>= 2.2.2, < 4.0)
      regexp_parser (>= 2.9.3, < 3.0)
      rubocop-ast (>= 1.46.0, < 2.0)
      ruby-progressbar (~> 1.7)
      unicode-display_width (>= 2.4.0, < 4.0)
    rubocop-ast (1.46.0)
      parser (>= 3.3.7.2)
      prism (~> 1.4)
    rubocop-espago (1.1.10)
      rubocop
    rubocop-sorbet (0.10.5)
      lint_roller
      rubocop (>= 1.75.2)
    ruby-progressbar (1.13.0)
    securerandom (0.4.1)
    sorbet (0.5.12434)
      sorbet-static (= 0.5.12434)
    sorbet-runtime (0.5.12434)
    sorbet-static (0.5.12434-universal-darwin)
    sorbet-static-and-runtime (0.5.12434)
      sorbet (= 0.5.12434)
      sorbet-runtime (= 0.5.12434)
    spoom (1.7.6)
      erubi (>= 1.10.0)
      prism (>= 0.28.0)
      rbi (>= 0.3.3)
      rbs (>= 4.0.0.dev.4)
      rexml (>= 3.2.6)
      sorbet-static-and-runtime (>= 0.5.10187)
      thor (>= 0.19.2)
    stringio (3.1.7)
    tapioca (0.17.7)
      benchmark
      bundler (>= 2.2.25)
      netrc (>= 0.11.0)
      parallel (>= 1.21.0)
      rbi (>= 0.3.1)
      require-hooks (>= 0.2.2)
      sorbet-static-and-runtime (>= 0.5.11087)
      spoom (>= 1.7.0)
      thor (>= 1.2.0)
      yard-sorbet
    thor (1.4.0)
    tzinfo (2.0.6)
      concurrent-ruby (~> 1.0)
    unicode-display_width (3.1.4)
      unicode-emoji (~> 4.0, >= 4.0.4)
    unicode-emoji (4.0.4)
    uri (1.0.3)
    yard (0.9.37)
    yard-sorbet (0.9.0)
      sorbet-runtime
      yard

PLATFORMS
  arm64-darwin-24

DEPENDENCIES
  byebug (~> 12.0)
  factory_bot-sorbet!
  irb (~> 1.15.2)
  minitest (~> 5.25.5)
  rake (~> 13.3.0)
  rubocop (~> 1.80.0)
  rubocop-espago (~> 1.1)
  rubocop-sorbet (~> 0.10.5)
  sorbet (~> 0.5.12356)
  tapioca (~> 0.17.7)

BUNDLED WITH
   2.7.1
